GIT
  remote: https://github.com/intridea/omniauth.git
  revision: 71d639d203762b521709423b023ede9c75156c0a
  specs:
    oa-basic (0.2.0.beta3)
      multi_json (~> 0.0.2)
      nokogiri (~> 1.4.2)
      oa-core (= 0.2.0.beta3)
      rest-client (~> 1.6.0)
    oa-core (0.2.0.beta3)
      rack (~> 1.1)
    oa-enterprise (0.2.0.beta3)
      net-ldap (~> 0.1.1)
      nokogiri (~> 1.4.2)
      oa-core (= 0.2.0.beta3)
      pyu-ruby-sasl (~> 0.0.3.1)
      rubyntlm (~> 0.1.1)
    oa-more (0.2.0.beta3)
      multi_json (~> 0.0.2)
      oa-core (= 0.2.0.beta3)
      rest-client (~> 1.6.0)
    oa-oauth (0.2.0.beta3)
      multi_json (~> 0.0.2)
      nokogiri (~> 1.4.2)
      oa-core (= 0.2.0.beta3)
      oauth (~> 0.4.0)
      oauth2 (~> 0.1.1)
    oa-openid (0.2.0.beta3)
      oa-core (= 0.2.0.beta3)
      rack-openid (~> 1.2.0)
      ruby-openid-apps-discovery
    omniauth (0.2.0.beta3)
      oa-basic (= 0.2.0.beta3)
      oa-core (= 0.2.0.beta3)
      oa-enterprise (= 0.2.0.beta3)
      oa-more (= 0.2.0.beta3)
      oa-oauth (= 0.2.0.beta3)
      oa-openid (= 0.2.0.beta3)

GEM
  remote: http://rubygems.org/
  specs:
    abstract (1.0.0)
    actionmailer (3.0.3)
      actionpack (= 3.0.3)
      mail (~> 2.2.9)
    actionpack (3.0.3)
      activemodel (= 3.0.3)
      activesupport (= 3.0.3)
      builder (~> 2.1.2)
      erubis (~> 2.6.6)
      i18n (~> 0.4)
      rack (~> 1.2.1)
      rack-mount (~> 0.6.13)
      rack-test (~> 0.5.6)
      tzinfo (~> 0.3.23)
    activemodel (3.0.3)
      activesupport (= 3.0.3)
      builder (~> 2.1.2)
      i18n (~> 0.4)
    activerecord (3.0.3)
      activemodel (= 3.0.3)
      activesupport (= 3.0.3)
      arel (~> 2.0.2)
      tzinfo (~> 0.3.23)
    activeresource (3.0.3)
      activemodel (= 3.0.3)
      activesupport (= 3.0.3)
    activesupport (3.0.3)
    addressable (2.2.4)
    arel (2.0.7)
    builder (2.1.2)
    capybara (0.4.1.1)
      celerity (>= 0.7.9)
      culerity (>= 0.2.4)
      mime-types (>= 1.16)
      nokogiri (>= 1.3.3)
      rack (>= 1.0.0)
      rack-test (>= 0.5.4)
      selenium-webdriver (>= 0.0.27)
      xpath (~> 0.1.3)
    celerity (0.8.7)
    childprocess (0.1.6)
      ffi (~> 0.6.3)
    compass (0.10.6)
      haml (>= 3.0.4)
    crack (0.1.8)
    cucumber (0.10.0)
      builder (>= 2.1.2)
      diff-lcs (~> 1.1.2)
      gherkin (~> 2.3.2)
      json (~> 1.4.6)
      term-ansicolor (~> 1.0.5)
    cucumber-rails (0.3.2)
      cucumber (>= 0.8.0)
    culerity (0.2.15)
    database_cleaner (0.6.2)
    diff-lcs (1.1.2)
    erubis (2.6.6)
      abstract (>= 1.0.0)
    factory_girl (1.3.3)
    faraday (0.5.5)
      addressable (~> 2.2.4)
      multipart-post (~> 1.1.0)
      rack (>= 1.1.0, < 2)
    ffi (0.6.3)
      rake (>= 0.8.7)
    gherkin (2.3.3)
      json (~> 1.4.6)
    gravtastic (3.1.0)
    haml (3.0.25)
    hoptoad_notifier (2.4.5)
      activesupport
      builder
    i18n (0.5.0)
    json (1.4.6)
    json_pure (1.5.1)
    kgio (2.2.0)
    mail (2.2.15)
      activesupport (>= 2.3.6)
      i18n (>= 0.4.0)
      mime-types (~> 1.16)
      treetop (~> 1.4.8)
    mime-types (1.16)
    multi_json (0.0.5)
    multipart-post (1.1.0)
    net-ldap (0.1.1)
    nokogiri (1.4.4)
    oauth (0.4.4)
    oauth2 (0.1.1)
      faraday (~> 0.5.0)
      multi_json (~> 0.0.4)
    polyglot (0.3.1)
    pyu-ruby-sasl (0.0.3.2)
    rack (1.2.1)
    rack-mount (0.6.13)
      rack (>= 1.0.0)
    rack-openid (1.2.0)
      rack (>= 1.1.0)
      ruby-openid (>= 2.1.8)
    rack-test (0.5.7)
      rack (>= 1.0)
    rails (3.0.3)
      actionmailer (= 3.0.3)
      actionpack (= 3.0.3)
      activerecord (= 3.0.3)
      activeresource (= 3.0.3)
      activesupport (= 3.0.3)
      bundler (~> 1.0)
      railties (= 3.0.3)
    rails-geocoder (0.9.7)
    railties (3.0.3)
      actionpack (= 3.0.3)
      activesupport (= 3.0.3)
      rake (>= 0.8.7)
      thor (~> 0.14.4)
    rake (0.8.7)
    rest-client (1.6.1)
      mime-types (>= 1.16)
    rr (1.0.2)
    rspec (2.5.0)
      rspec-core (~> 2.5.0)
      rspec-expectations (~> 2.5.0)
      rspec-mocks (~> 2.5.0)
    rspec-core (2.5.1)
    rspec-expectations (2.5.0)
      diff-lcs (~> 1.1.2)
    rspec-mocks (2.5.0)
    rspec-rails (2.5.0)
      actionpack (~> 3.0)
      activesupport (~> 3.0)
      railties (~> 3.0)
      rspec (~> 2.5.0)
    ruby-openid (2.1.8)
    ruby-openid-apps-discovery (1.2.0)
      ruby-openid (>= 2.1.7)
    rubyntlm (0.1.1)
    rubyzip (0.9.4)
    sass (3.1.0.alpha.221)
    selenium-webdriver (0.1.2)
      childprocess (~> 0.1.5)
      ffi (~> 0.6.3)
      json_pure
      rubyzip
    sqlite3 (1.3.3)
    sqlite3-ruby (1.3.3)
      sqlite3 (>= 1.3.3)
    term-ansicolor (1.0.5)
    thor (0.14.6)
    treetop (1.4.9)
      polyglot (>= 0.3.1)
    tzinfo (0.3.24)
    unicorn (3.4.0)
      kgio (~> 2.2)
      rack
    webmock (1.6.2)
      addressable (>= 2.2.2)
      crack (>= 0.1.7)
    xpath (0.1.3)
      nokogiri (~> 1.3)

PLATFORMS
  ruby

DEPENDENCIES
  capybara
  compass (>= 0.10.6)
  cucumber-rails
  database_cleaner
  factory_girl
  gravtastic
  haml
  hoptoad_notifier
  omniauth!
  rails (~> 3.0.1)
  rails-geocoder
  rr
  rspec-rails
  sass
  sqlite3-ruby
  unicorn
  webmock
